GEM
  remote: https://rubygems.org/
  specs:
    minitest (5.14.4)
    rake (13.0.3)

PLATFORMS
  ruby

DEPENDENCIES
  minitest
  rake

RUBY VERSION
   ruby 2.7.1p83

BUNDLED WITH
   2.1.4
